GEM
  remote: http://nexus.vm.dev:8081/nexus/content/repositories/rubygems/
  specs:
    minitest (5.5.1)
    rack (1.6.0)
    rack-test (0.6.3)
      rack (>= 1.0)
    rake (10.4.2)

PLATFORMS
  ruby

DEPENDENCIES
  minitest (~> 5.5)
  rack
  rack-test
  rake (~> 10.4)
